GEM
  remote: https://rubygems.org/
  specs:
    brakeman (5.1.1)
    json (2.3.0)

PLATFORMS
  ruby

DEPENDENCIES
  brakeman (= 5.1.1)
  json (= 2.3.0)

BUNDLED WITH
   2.2.22
