GEM
  remote: https://rubygems.org/
  specs:
    brakeman (4.3.1)
    json (2.1.0)

PLATFORMS
  ruby

DEPENDENCIES
  brakeman (= 4.3.1)
  json (~> 2.1)

BUNDLED WITH
   1.16.2
