GEM
  remote: https://rubygems.org/
  specs:
    brakeman (4.3.0)

PLATFORMS
  ruby

DEPENDENCIES
  brakeman (= 4.3.0)

BUNDLED WITH
   1.16.2
